PATH
  remote: ../..
  specs:
    cloudtasker (0.7.0)
      activesupport
      connection_pool
      fugit
      google-cloud-tasks (~> 1.0)
      jwt
      redis
      retriable

GEM
  remote: https://rubygems.org/
  specs:
    activesupport (6.0.3.2)
      concurrent-ruby (~> 1.0, >= 1.0.2)
      i18n (>= 0.7, < 2)
      minitest (~> 5.1)
      tzinfo (~> 1.1)
      zeitwerk (~> 2.2, >= 2.2.2)
    addressable (2.7.0)
      public_suffix (>= 2.0.2, < 5.0)
    concurrent-ruby (1.1.6)
    connection_pool (2.2.3)
    et-orbi (1.2.4)
      tzinfo
    faraday (1.0.1)
      multipart-post (>= 1.2, < 3)
    fugit (1.3.6)
      et-orbi (~> 1.1, >= 1.1.8)
      raabro (~> 1.3)
    google-cloud-tasks (1.5.1)
      google-gax (~> 1.8)
      googleapis-common-protos (>= 1.3.9, < 2.0)
      googleapis-common-protos-types (>= 1.0.4, < 2.0)
      grpc-google-iam-v1 (~> 0.6.9)
    google-gax (1.8.1)
      google-protobuf (~> 3.9)
      googleapis-common-protos (>= 1.3.9, < 2.0)
      googleauth (~> 0.9)
      grpc (~> 1.24)
      rly (~> 0.2.3)
    google-protobuf (3.12.2)
    googleapis-common-protos (1.3.10)
      google-protobuf (~> 3.11)
      googleapis-common-protos-types (>= 1.0.5, < 2.0)
      grpc (~> 1.27)
    googleapis-common-protos-types (1.0.5)
      google-protobuf (~> 3.11)
    googleauth (0.13.0)
      faraday (>= 0.17.3, < 2.0)
      jwt (>= 1.4, < 3.0)
      memoist (~> 0.16)
      multi_json (~> 1.11)
      os (>= 0.9, < 2.0)
      signet (~> 0.14)
    grpc (1.28.0)
      google-protobuf (~> 3.11)
      googleapis-common-protos-types (~> 1.0)
    grpc-google-iam-v1 (0.6.10)
      google-protobuf (~> 3.11)
      googleapis-common-protos (>= 1.3.10, < 2.0)
      grpc (~> 1.27)
    i18n (1.8.3)
      concurrent-ruby (~> 1.0)
    jwt (2.2.1)
    memoist (0.16.2)
    minitest (5.14.1)
    multi_json (1.14.1)
    multipart-post (2.1.1)
    mustermann (1.0.3)
    os (1.1.0)
    public_suffix (4.0.5)
    raabro (1.3.1)
    rack (2.2.3)
    rack-protection (2.0.7)
      rack
    redis (4.2.1)
    retriable (3.1.2)
    rly (0.2.3)
    signet (0.14.0)
      addressable (~> 2.3)
      faraday (>= 0.17.3, < 2.0)
      jwt (>= 1.5, < 3.0)
      multi_json (~> 1.10)
    sinatra (2.0.7)
      mustermann (~> 1.0)
      rack (~> 2.0)
      rack-protection (= 2.0.7)
      tilt (~> 2.0)
    thread_safe (0.3.6)
    tilt (2.0.10)
    tzinfo (1.2.7)
      thread_safe (~> 0.1)
    zeitwerk (2.3.0)

PLATFORMS
  ruby

DEPENDENCIES
  cloudtasker!
  sinatra

RUBY VERSION
   ruby 2.5.5p157

BUNDLED WITH
   2.0.2
